PATH
  remote: .
  specs:
    hak (0.3.6)
      commander (~> 4.4)

GEM
  remote: https://rubygems.org/
  specs:
    commander (4.4.0)
      highline (~> 1.7.2)
    highline (1.7.8)

PLATFORMS
  ruby

DEPENDENCIES
  hak!
